GEM
  remote: https://rubygems.org/
  specs:
    coderay (1.1.3)
    csv (3.2.0)
    method_source (1.0.0)
    mini_portile2 (2.1.0)
    nokogiri (1.6.8.1)
      mini_portile2 (~> 2.1.0)
    pry (0.14.1)
      coderay (~> 1.1)
      method_source (~> 1.0)

PLATFORMS
  ruby

DEPENDENCIES
  csv
  nokogiri (~> 1.6.1)
  pry

BUNDLED WITH
   2.1.4
